GIT
  remote: https://github.com/plataformatec/mail_form.git
  revision: 9eb221a9c5e3f6dad631a547c7518fc0d1cde070
  specs:
    mail_form (1.5.0.rc)
      actionmailer (>= 3.2, < 5)
      activemodel (>= 3.2, < 5)

GIT
  remote: https://github.com/rodrigomanhaes/flexible_date.git
  revision: 82597d9bfc91215178f6e7df3aac5dcb3dffcd35
  branch: rails4
  specs:
    flexible_date (0.4.1)
      rails (>= 3.0)

GEM
  remote: https://rubygems.org/
  specs:
    actionmailer (4.0.0)
      actionpack (= 4.0.0)
      mail (~> 2.5.3)
    actionpack (4.0.0)
      activesupport (= 4.0.0)
      builder (~> 3.1.0)
      erubis (~> 2.7.0)
      rack (~> 1.5.2)
      rack-test (~> 0.6.2)
    activemodel (4.0.0)
      activesupport (= 4.0.0)
      builder (~> 3.1.0)
    activerecord (4.0.0)
      activemodel (= 4.0.0)
      activerecord-deprecated_finders (~> 1.0.2)
      activesupport (= 4.0.0)
      arel (~> 4.0.0)
    activerecord-deprecated_finders (1.0.3)
    activesupport (4.0.0)
      i18n (~> 0.6, >= 0.6.4)
      minitest (~> 4.2)
      multi_json (~> 1.3)
      thread_safe (~> 0.1)
      tzinfo (~> 0.3.37)
    addressable (2.3.5)
    ansi (1.4.3)
    apachelogregex (0.1.0)
    arel (4.0.0)
    atomic (1.1.12)
    bcrypt-ruby (3.1.1)
    builder (3.1.4)
    cancan (1.6.10)
    capistrano (2.15.5)
      highline
      net-scp (>= 1.0.0)
      net-sftp (>= 2.0.0)
      net-ssh (>= 2.0.14)
      net-ssh-gateway (>= 1.1.0)
    capybara (2.1.0)
      mime-types (>= 1.16)
      nokogiri (>= 1.3.3)
      rack (>= 1.0.0)
      rack-test (>= 0.5.4)
      xpath (~> 2.0)
    chronic (0.9.1)
    ckeditor (4.0.4)
      mime-types
      orm_adapter
    climate_control (0.0.3)
      activesupport (>= 3.0)
    cocaine (0.5.1)
      climate_control (>= 0.0.3, < 1.0)
    cocoon (1.2.0)
    coderay (1.0.9)
    coffee-rails (4.0.0)
      coffee-script (>= 2.2.0)
      railties (>= 4.0.0.beta, < 5.0)
    coffee-script (2.2.0)
      coffee-script-source
      execjs
    coffee-script-source (1.6.3)
    crack (0.4.1)
      safe_yaml (~> 0.9.0)
    delorean (2.1.0)
      chronic
    devise (3.0.2)
      bcrypt-ruby (~> 3.0)
      orm_adapter (~> 0.1)
      railties (>= 3.2.6, < 5)
      warden (~> 1.2.3)
    diff-lcs (1.2.4)
    erb2haml (0.1.5)
      html2haml
    erubis (2.7.0)
    eventmachine (1.0.3)
    exception_notification (4.0.0)
      actionmailer (>= 3.0.4)
      activesupport (>= 3.0.4)
    execjs (1.4.0)
      multi_json (~> 1.0)
    factory_girl (4.2.0)
      activesupport (>= 3.0.0)
    factory_girl_rails (4.2.1)
      factory_girl (~> 4.2.0)
      railties (>= 3.0.0)
    faye-websocket (0.4.7)
      eventmachine (>= 0.12.0)
    formtastic (2.2.1)
      actionpack (>= 3.0)
    gon (4.1.1)
      actionpack (>= 2.3.0)
      json
    haml (4.0.3)
      tilt
    has_scope (0.6.0.rc)
      actionpack (>= 3.2, < 5)
      activesupport (>= 3.2, < 5)
    hashr (0.0.22)
    highline (1.6.19)
    hike (1.2.3)
    hpricot (0.8.6)
    html2haml (1.0.1)
      erubis (~> 2.7.0)
      haml (>= 4.0.0.rc.1)
      hpricot (~> 0.8.6)
      ruby_parser (~> 3.1.1)
    http_parser.rb (0.5.3)
    i18n (0.6.5)
    inherited_resources (1.4.1)
      has_scope (~> 0.6.0.rc)
      responders (~> 1.0.0.rc)
    jquery-rails (3.0.4)
      railties (>= 3.0, < 5.0)
      thor (>= 0.14, < 2.0)
    json (1.8.0)
    launchy (2.3.0)
      addressable (~> 2.3)
    libv8 (3.11.8.17)
    mail (2.5.4)
      mime-types (~> 1.16)
      treetop (~> 1.4.8)
    method_source (0.8.2)
    mime-types (1.23)
    mini_portile (0.5.1)
    minitest (4.7.5)
    multi_json (1.3.7)
    net-scp (1.1.2)
      net-ssh (>= 2.6.5)
    net-sftp (2.1.2)
      net-ssh (>= 2.6.5)
    net-ssh (2.6.8)
    net-ssh-gateway (1.2.0)
      net-ssh (>= 2.6.5)
    nokogiri (1.6.0)
      mini_portile (~> 0.5.0)
    nsi-abntformat (1.0.4)
      unicode
    nsicloudooo (0.5.2)
      sinatra
    nsisam (0.7.7)
      json
      sinatra
      webmock
    nsivideogranulate (0.2.0)
      sinatra
    odt2html-nsi (0.2.0)
      odt2html-nsi
      rubyzip
    orm_adapter (0.4.0)
    paperclip (3.5.1)
      activemodel (>= 3.0.0)
      activesupport (>= 3.0.0)
      cocaine (~> 0.5.0)
      mime-types
    pg (0.16.0)
    poltergeist (1.3.0)
      capybara (~> 2.1.0)
      faye-websocket (>= 0.4.4, < 0.5.0)
      http_parser.rb (~> 0.5.3)
    polyglot (0.3.3)
    pry (0.9.12.2)
      coderay (~> 1.0.5)
      method_source (~> 0.8)
      slop (~> 3.4)
    pry-rails (0.3.2)
      pry (>= 0.9.10)
    rabl (0.8.6)
      activesupport (>= 2.3.14)
    rack (1.5.2)
    rack-protection (1.5.0)
      rack
    rack-test (0.6.2)
      rack (>= 1.0)
    rails (4.0.0)
      actionmailer (= 4.0.0)
      actionpack (= 4.0.0)
      activerecord (= 4.0.0)
      activesupport (= 4.0.0)
      bundler (>= 1.3.0, < 2.0)
      railties (= 4.0.0)
      sprockets-rails (~> 2.0.0)
    railties (4.0.0)
      actionpack (= 4.0.0)
      activesupport (= 4.0.0)
      rake (>= 0.8.7)
      thor (>= 0.18.1, < 2.0)
    rake (10.1.0)
    ref (1.0.5)
    responders (1.0.0.rc)
      railties (>= 3.2, < 5)
    rest-client (1.6.7)
      mime-types (>= 1.16)
    rspec-core (2.14.4)
    rspec-expectations (2.14.1)
      diff-lcs (>= 1.1.3, < 2.0)
    rspec-mocks (2.14.3)
    rspec-rails (2.14.0)
      actionpack (>= 3.0)
      activesupport (>= 3.0)
      railties (>= 3.0)
      rspec-core (~> 2.14.0)
      rspec-expectations (~> 2.14.0)
      rspec-mocks (~> 2.14.0)
    ruby_parser (3.1.3)
      sexp_processor (~> 4.1)
    rubyzip (0.9.9)
    rufus-scheduler (2.0.23)
      tzinfo (>= 0.3.23)
    safe_yaml (0.9.5)
    sass (3.2.10)
    sass-rails (4.0.0)
      railties (>= 4.0.0.beta, < 5.0)
      sass (>= 3.1.10)
      sprockets-rails (~> 2.0.0)
    sexp_processor (4.2.1)
    simple-navigation (3.11.0)
      activesupport (>= 2.3.2)
    simplecov (0.7.1)
      multi_json (~> 1.0)
      simplecov-html (~> 0.7.1)
    simplecov-html (0.7.1)
    simplecov-rcov (0.2.3)
      simplecov (>= 0.4.1)
    sinatra (1.4.3)
      rack (~> 1.4)
      rack-protection (~> 1.4)
      tilt (~> 1.3, >= 1.3.4)
    slop (3.4.6)
    sprockets (2.10.0)
      hike (~> 1.2)
      multi_json (~> 1.0)
      rack (~> 1.0)
      tilt (~> 1.1, != 1.3.0)
    sprockets-rails (2.0.0)
      actionpack (>= 3.0)
      activesupport (>= 3.0)
      sprockets (~> 2.8)
    sqlite3 (1.3.7)
    state_machine (1.2.0)
    therubyracer (0.11.4)
      libv8 (~> 3.11.8.12)
      ref
    thor (0.18.1)
    thread_safe (0.1.2)
      atomic
    tilt (1.4.1)
    timecop (0.6.3)
    tire (0.6.0)
      activemodel (>= 3.0)
      activesupport
      ansi
      hashr (~> 0.0.19)
      multi_json (~> 1.3)
      rake
      rest-client (~> 1.6)
    toothbrush (0.1.3)
    treetop (1.4.14)
      polyglot
      polyglot (>= 0.3.1)
    tzinfo (0.3.37)
    uglifier (2.1.2)
      execjs (>= 0.3.0)
      multi_json (~> 1.0, >= 1.0.2)
    unicode (0.4.4)
    valid_attribute (1.3.1)
    warden (1.2.3)
      rack (>= 1.0)
    webmock (1.13.0)
      addressable (>= 2.2.7)
      crack (>= 0.3.2)
    xpath (2.0.0)
      nokogiri (~> 1.3)
    zippy (0.2.1)
      rubyzip (>= 0.9.1)

PLATFORMS
  ruby

DEPENDENCIES
  apachelogregex
  cancan (~> 1.6.10)
  capistrano (~> 2.15.5)
  capybara (~> 2.1.0)
  ckeditor (~> 4.0.4)
  cocoon (~> 1.2.0)
  coffee-rails (~> 4.0.0)
  delorean
  devise (~> 3.0.2)
  erb2haml
  exception_notification (~> 4.0.0)
  factory_girl_rails (~> 4.2.1)
  flexible_date!
  formtastic (~> 2.2.0)
  gon
  haml (~> 4.0.3)
  inherited_resources (~> 1.4.1)
  jquery-rails
  launchy (~> 2.3.0)
  mail_form!
  multi_json (~> 1.3.0)
  nokogiri
  nsi-abntformat (~> 1.0.4)
  nsicloudooo (~> 0.5.2)
  nsisam (~> 0.7.7)
  nsivideogranulate (~> 0.2.0)
  odt2html-nsi
  paperclip (~> 3.5.1)
  pg (~> 0.16.0)
  poltergeist (~> 1.3.0)
  pry-rails (~> 0.3.2)
  rabl
  rails (= 4.0.0)
  rspec-rails (~> 2.14.0)
  rufus-scheduler
  sass-rails (~> 4.0.0)
  simple-navigation (~> 3.11.0)
  simplecov
  simplecov-rcov
  sqlite3
  state_machine (~> 1.2.0)
  therubyracer
  timecop (~> 0.6.3)
  tire (~> 0.6.0)
  toothbrush
  uglifier (>= 1.0.3)
  valid_attribute (~> 1.3.1)
  zippy
